PATH
  remote: .
  specs:
    stringed (0.0.1)

GEM
  remote: https://rubygems.org/
  specs:
    activemodel (3.2.11)
      activesupport (= 3.2.11)
      builder (~> 3.0.0)
    activesupport (3.2.11)
      i18n (~> 0.6)
      multi_json (~> 1.0)
    builder (3.0.4)
    diff-lcs (1.1.3)
    i18n (0.6.1)
    multi_json (1.5.0)
    music (0.6.2)
      activemodel (~> 3.2)
    rspec (2.11.0)
      rspec-core (~> 2.11.0)
      rspec-expectations (~> 2.11.0)
      rspec-mocks (~> 2.11.0)
    rspec-core (2.11.1)
    rspec-expectations (2.11.3)
      diff-lcs (~> 1.1.3)
    rspec-mocks (2.11.2)

PLATFORMS
  ruby

DEPENDENCIES
  music
  rspec (~> 2.0)
  stringed!
